GEM
  remote: https://rubygems.org/
  specs:
    nio4r (2.7.4)
    puma (6.5.0)
      nio4r (~> 2.0)
    rack (3.1.10)

PLATFORMS
  arm64-darwin-24
  ruby

DEPENDENCIES
  puma
  rack (~> 3.0)

RUBY VERSION
   ruby 3.3.7p123

BUNDLED WITH
   2.5.22
